GEM
  remote: https://rubygems.org/
  specs:
    rack (1.6.4)
    rack-unreloader (1.4.0)
    rake (10.5.0)
    roda (2.10.0)
      rack

PLATFORMS
  ruby

DEPENDENCIES
  rack-unreloader
  rake
  roda

BUNDLED WITH
   1.11.2
